PATH
  remote: .
  specs:
    jruby_sandbox (0.1.2-java)
      fakefs

GEM
  remote: http://rubygems.org/
  specs:
    diff-lcs (1.1.2)
    fakefs (0.4.2)
    rake (0.9.2)
    rake-compiler (0.7.9)
      rake
    rspec (2.6.0)
      rspec-core (~> 2.6.0)
      rspec-expectations (~> 2.6.0)
      rspec-mocks (~> 2.6.0)
    rspec-core (2.6.4)
    rspec-expectations (2.6.0)
      diff-lcs (~> 1.1.2)
    rspec-mocks (2.6.0)
    yard (0.7.2)

PLATFORMS
  java

DEPENDENCIES
  fakefs
  jruby_sandbox!
  rake
  rake-compiler
  rspec
  yard
